GEM
  remote: https://rubygems.org/
  specs:
    pg (0.21.0)
    rake (12.3.0)

PLATFORMS
  ruby

DEPENDENCIES
  pg (>= 0.21.0)
  rake

BUNDLED WITH
   1.16.0
