GEM
  remote: https://rubygems.org/
  specs:
    pg (1.2.3)
    rake (13.0.6)

PLATFORMS
  ruby

DEPENDENCIES
  pg (>= 0.21.0)
  rake

BUNDLED WITH
   1.17.3
